GIT
  remote: https://github.com/AshleyByeUK/tictactoe-ruby-core.git
  revision: 0ccdfc9ca426eed440929b0c2f995ab67284dbc3
  specs:
    tictactoe-ruby-core (0.1.0)

GEM
  remote: https://rubygems.org/
  specs:
    codecov (0.1.13)
      json
      simplecov
      url
    diff-lcs (1.3)
    docile (1.3.1)
    json (2.1.0)
    rspec (3.8.0)
      rspec-core (~> 3.8.0)
      rspec-expectations (~> 3.8.0)
      rspec-mocks (~> 3.8.0)
    rspec-core (3.8.0)
      rspec-support (~> 3.8.0)
    rspec-expectations (3.8.2)
      diff-lcs (>= 1.2.0, < 2.0)
      rspec-support (~> 3.8.0)
    rspec-mocks (3.8.0)
      diff-lcs (>= 1.2.0, < 2.0)
      rspec-support (~> 3.8.0)
    rspec-support (3.8.0)
    simplecov (0.16.1)
      docile (~> 1.1)
      json (>= 1.8, < 3)
      simplecov-html (~> 0.10.0)
    simplecov-html (0.10.2)
    url (0.3.2)

PLATFORMS
  ruby

DEPENDENCIES
  codecov
  rspec (~> 3.8.0)
  simplecov
  tictactoe-ruby-core!

RUBY VERSION
   ruby 2.5.2p104

BUNDLED WITH
   1.16.6
